GEM
  remote: https://rubygems.org/
  specs:
    dotenv (2.7.5)
    json (2.3.0)
    multi_json (1.15.0)
    mustermann (3.0.0)
      ruby2_keywords (~> 0.0.1)
    rack (2.2.8)
    rack-protection (3.1.0)
      rack (~> 2.2, >= 2.2.4)
    ruby2_keywords (0.0.5)
    sinatra (3.1.0)
      mustermann (~> 3.0)
      rack (~> 2.2, >= 2.2.4)
      rack-protection (= 3.1.0)
      tilt (~> 2.0)
    sinatra-contrib (3.1.0)
      multi_json
      mustermann (~> 3.0)
      rack-protection (= 3.1.0)
      sinatra (= 3.1.0)
      tilt (~> 2.0)
    stripe (5.21.0)
    tilt (2.3.0)

PLATFORMS
  ruby

DEPENDENCIES
  dotenv
  json
  sinatra
  sinatra-contrib (>= 2.1.0)
  stripe

BUNDLED WITH
   2.1.4
