GEM
  remote: https://rubygems.org/
  specs:
    base64 (0.2.0)
    dotenv (2.7.5)
    json (2.3.0)
    logger (1.6.1)
    multi_json (1.15.0)
    mustermann (3.0.3)
      ruby2_keywords (~> 0.0.1)
    rack (3.1.8)
    rack-protection (4.1.1)
      base64 (>= 0.1.0)
      logger (>= 1.6.0)
      rack (>= 3.0.0, < 4)
    rack-session (2.0.0)
      rack (>= 3.0.0)
    ruby2_keywords (0.0.5)
    sinatra (4.1.1)
      logger (>= 1.6.0)
      mustermann (~> 3.0)
      rack (>= 3.0.0, < 4)
      rack-protection (= 4.1.1)
      rack-session (>= 2.0.0, < 3)
      tilt (~> 2.0)
    sinatra-contrib (4.1.1)
      multi_json (>= 0.0.2)
      mustermann (~> 3.0)
      rack-protection (= 4.1.1)
      sinatra (= 4.1.1)
      tilt (~> 2.0)
    stripe (5.21.0)
    tilt (2.4.0)

PLATFORMS
  ruby

DEPENDENCIES
  dotenv
  json
  sinatra (>= 4.1.0)
  sinatra-contrib (>= 4.1.0)
  stripe

BUNDLED WITH
   2.1.4
