GEM
  remote: https://rubygems.org/
  specs:
    dotenv (2.7.6)
    json (2.3.1)
    mustermann (3.0.0)
      ruby2_keywords (~> 0.0.1)
    rack (2.2.6.4)
    rack-protection (3.0.5)
      rack
    ruby2_keywords (0.0.5)
    sinatra (3.0.5)
      mustermann (~> 3.0)
      rack (~> 2.2, >= 2.2.4)
      rack-protection (= 3.0.5)
      tilt (~> 2.0)
    stripe (5.25.0)
    tilt (2.1.0)

PLATFORMS
  ruby

DEPENDENCIES
  dotenv
  json
  sinatra
  stripe

BUNDLED WITH
   2.1.4
